GEM
  remote: https://rubygems.org/
  specs:
    actionmailer (3.2.22.5)
      actionpack (= 3.2.22.5)
      mail (~> 2.5.4)
    actionpack (3.2.22.5)
      activemodel (= 3.2.22.5)
      activesupport (= 3.2.22.5)
      builder (~> 3.0.0)
      erubis (~> 2.7.0)
      journey (~> 1.0.4)
      rack (~> 1.4.5)
      rack-cache (~> 1.2)
      rack-test (~> 0.6.1)
      sprockets (~> 2.2.1)
    activemodel (3.2.22.5)
      activesupport (= 3.2.22.5)
      builder (~> 3.0.0)
    activerecord (3.2.22.5)
      activemodel (= 3.2.22.5)
      activesupport (= 3.2.22.5)
      arel (~> 3.0.2)
      tzinfo (~> 0.3.29)
    activeresource (3.2.22.5)
      activemodel (= 3.2.22.5)
      activesupport (= 3.2.22.5)
    activesupport (3.2.22.5)
      i18n (~> 0.6, >= 0.6.4)
      multi_json (~> 1.0)
    addressable (2.4.0)
    arel (3.0.3)
    ast (2.4.2)
    bcrypt (3.1.18)
    builder (3.0.4)
    celluloid (0.15.2)
      timers (~> 1.1.0)
    chronic (0.10.2)
    concurrent-ruby (1.0.5)
    connection_pool (2.2.2)
    devise (3.5.10)
      bcrypt (~> 3.0)
      orm_adapter (~> 0.1)
      railties (>= 3.2.6, < 5)
      responders
      thread_safe (~> 0.1)
      warden (~> 1.2.3)
    diff-lcs (1.5.0)
    erubis (2.7.0)
    factory_bot (4.11.1)
      activesupport (>= 3.0.0)
    factory_bot_rails (4.11.1)
      factory_bot (~> 4.11.1)
      railties (>= 3.0.0)
    faker (1.6.0)
      i18n (~> 0.5)
    hike (1.2.3)
    i18n (0.9.5)
      concurrent-ruby (~> 1.0)
    journey (1.0.4)
    json (1.8.6)
    jwt (1.5.6)
    launchy (2.4.3)
      addressable (~> 2.3)
    letter_opener (1.8.1)
      launchy (>= 2.2, < 3)
    magic_encoding (0.0.2)
    mail (2.5.5)
      mime-types (~> 1.16)
      treetop (~> 1.4.8)
    mime-types (1.25.1)
    mini_portile2 (2.1.0)
    multi_json (1.15.0)
    nokogiri (1.6.8.1)
      mini_portile2 (~> 2.1.0)
    orm_adapter (0.5.0)
    paper_trail (5.2.3)
      activerecord (>= 3.0, < 6.0)
      request_store (~> 1.1)
    parser (2.4.0.2)
      ast (~> 2.3)
    pg (0.18.4)
    polyglot (0.3.5)
    powerpack (0.1.3)
    public_suffix (1.4.6)
    rack (1.4.7)
    rack-cache (1.6.1)
      rack (>= 0.4)
    rack-ssl (1.3.4)
      rack
    rack-test (0.6.3)
      rack (>= 1.0)
    rails (3.2.22.5)
      actionmailer (= 3.2.22.5)
      actionpack (= 3.2.22.5)
      activerecord (= 3.2.22.5)
      activeresource (= 3.2.22.5)
      activesupport (= 3.2.22.5)
      bundler (~> 1.0)
      railties (= 3.2.22.5)
    railties (3.2.22.5)
      actionpack (= 3.2.22.5)
      activesupport (= 3.2.22.5)
      rack-ssl (~> 1.3.2)
      rake (>= 0.8.7)
      rdoc (~> 3.4)
      thor (>= 0.14.6, < 2.0)
    rainbow (2.2.2)
      rake
    rake (11.3.0)
    rdoc (3.12.2)
      json (~> 1.4)
    redis (3.0.0)
    redis-namespace (1.3.0)
      redis (~> 3.0.0)
    request_store (1.5.1)
      rack (>= 1.4)
    responders (1.1.2)
      railties (>= 3.2, < 4.2)
    rspec-core (3.9.3)
      rspec-support (~> 3.9.3)
    rspec-expectations (3.9.4)
      diff-lcs (>= 1.2.0, < 2.0)
      rspec-support (~> 3.9.0)
    rspec-mocks (3.9.1)
      diff-lcs (>= 1.2.0, < 2.0)
      rspec-support (~> 3.9.0)
    rspec-rails (3.9.1)
      actionpack (>= 3.0)
      activesupport (>= 3.0)
      railties (>= 3.0)
      rspec-core (~> 3.9.0)
      rspec-expectations (~> 3.9.0)
      rspec-mocks (~> 3.9.0)
      rspec-support (~> 3.9.0)
    rspec-support (3.9.4)
    rubocop (0.41.2)
      parser (>= 2.3.1.1, < 3.0)
      powerpack (~> 0.1)
      rainbow (>= 1.99.1, < 3.0)
      ruby-progressbar (~> 1.7)
      unicode-display_width (~> 1.0, >= 1.0.1)
    ruby-progressbar (1.13.0)
    sidekiq (2.13.1)
      celluloid (>= 0.14.1)
      connection_pool (>= 1.0.0)
      json
      redis (>= 3.0)
      redis-namespace
    sprockets (2.2.3)
      hike (~> 1.2)
      multi_json (~> 1.0)
      rack (~> 1.0)
      tilt (~> 1.1, != 1.3.0)
    thor (0.20.3)
    thread_safe (0.3.6)
    tilt (1.4.1)
    timers (1.1.0)
    treetop (1.4.15)
      polyglot
      polyglot (>= 0.3.1)
    tzinfo (0.3.62)
    unicode-display_width (1.8.0)
    warden (1.2.7)
      rack (>= 1.0)
    whenever (1.0.0)
      chronic (>= 0.6.3)
    will_paginate (3.0.0)

PLATFORMS
  ruby

DEPENDENCIES
  celluloid (= 0.15.2)
  concurrent-ruby (~> 1.0.5)
  connection_pool (= 2.2.2)
  devise (~> 3)
  factory_bot_rails (~> 4.11.1)
  faker (~> 1.6)
  jwt (~> 1.5.6)
  letter_opener
  magic_encoding
  nokogiri (>= 1.6.0, < 1.7)
  paper_trail (~> 5)
  parser (~> 2.4.0.2)
  pg (>= 0.11.0, < 0.19)
  public_suffix (~> 1.4.6)
  rack-cache (~> 1.6.1)
  rails (= 3.2.22.5)
  rake (~> 11.3.0)
  redis (= 3.0)
  redis-namespace (= 1.3)
  rspec-rails (~> 3.9.1)
  rubocop (~> 0.41.2)
  sidekiq (~> 2)
  thor (~> 0.20.3)
  whenever
  will_paginate (~> 3.0.0)
